PATH
  remote: .
  specs:
    activeconsole (0.0.1)

GEM
  remote: https://rubygems.org/
  specs:
    activemodel (3.2.16)
      activesupport (= 3.2.16)
      builder (~> 3.0.0)
    activerecord (3.2.16)
      activemodel (= 3.2.16)
      activesupport (= 3.2.16)
      arel (~> 3.0.2)
      tzinfo (~> 0.3.29)
    activesupport (3.2.16)
      i18n (~> 0.6, >= 0.6.4)
      multi_json (~> 1.0)
    arel (3.0.3)
    awesome_print (1.2.0)
    builder (3.0.4)
    coderay (1.1.0)
    diff-lcs (1.2.5)
    i18n (0.6.9)
    method_source (0.8.2)
    multi_json (1.8.2)
    pry (0.9.12.4)
      coderay (~> 1.0)
      method_source (~> 0.8)
      slop (~> 3.4)
    rake (10.1.0)
    rspec (2.14.1)
      rspec-core (~> 2.14.0)
      rspec-expectations (~> 2.14.0)
      rspec-mocks (~> 2.14.0)
    rspec-core (2.14.7)
    rspec-expectations (2.14.4)
      diff-lcs (>= 1.1.3, < 2.0)
    rspec-mocks (2.14.4)
    slop (3.4.7)
    sqlite3 (1.3.8)
    tzinfo (0.3.38)

PLATFORMS
  ruby

DEPENDENCIES
  activeconsole!
  activerecord (~> 3.0)
  awesome_print
  bundler (~> 1.3)
  pry
  rake
  rspec (~> 2.3)
  sqlite3
